GEM
  remote: http://rubygems.org/
  specs:
    alf (0.12.1)
      backports (~> 2.3.0)
      myrrha (~> 1.2.1)
      quickl (~> 0.4.2)
    awesome_print (1.0.2)
    backports (2.3.0)
    citrus (2.4.1)
    diff-lcs (1.1.3)
    epath (0.0.1)
    gisele (0.5.0)
      awesome_print (~> 1.0)
      citrus (~> 2.4)
      epath (~> 0.0.1)
      quickl (~> 0.4.3)
      sexpr (~> 0.5.0)
      stamina-core (~> 0.5.3)
      yargi (~> 0.2.0)
    jdbc-sqlite3 (3.7.2)
    myrrha (1.2.2)
    quickl (0.4.3)
    rake (0.9.2.2)
    rspec (2.8.0)
      rspec-core (~> 2.8.0)
      rspec-expectations (~> 2.8.0)
      rspec-mocks (~> 2.8.0)
    rspec-core (2.8.0)
    rspec-expectations (2.8.0)
      diff-lcs (~> 1.1.2)
    rspec-mocks (2.8.0)
    ruby-prof (0.10.8)
    sequel (3.33.0)
    sexpr (0.5.1)
    sqlite3 (1.3.5)
    stamina-core (0.5.4)
      quickl (~> 0.4.3)
    wlang (0.10.2)
    yargi (0.2.0)

PLATFORMS
  java
  ruby

DEPENDENCIES
  alf (~> 0.12.1)
  gisele (~> 0.5.0)
  jdbc-sqlite3 (~> 3.7)
  rake (~> 0.9.2)
  rspec (~> 2.8)
  ruby-prof (~> 0.10.8)
  sequel (~> 3.33)
  sqlite3 (~> 1.3)
  stamina-core (~> 0.5.4)
  wlang (~> 0.10.2)
