GEM
  remote: http://rubygems.org/
  specs:
    alf (0.12.1)
      backports (~> 2.3.0)
      myrrha (~> 1.2.1)
      quickl (~> 0.4.2)
    awesome_print (1.0.2)
    backports (2.3.0)
    citrus (2.4.1)
    diff-lcs (1.1.3)
    eventmachine (1.0.0.beta.3)
    eventmachine (1.0.0.beta.3-java)
    gisele (0.5.1)
      awesome_print (~> 1.0)
      gisele-language (~> 0.5.0)
      path (~> 1.2)
      quickl (~> 0.4.3)
      stamina-core (~> 0.5.3)
      yargi (~> 0.2.0)
    gisele-language (0.5.0)
      citrus (~> 2.4)
      path (~> 1.2)
      sexpr (~> 0.5.0)
    myrrha (1.2.2)
    path (1.3.0)
    quickl (0.4.3)
    rake (0.9.2.2)
    rspec (2.11.0)
      rspec-core (~> 2.11.0)
      rspec-expectations (~> 2.11.0)
      rspec-mocks (~> 2.11.0)
    rspec-core (2.11.1)
    rspec-expectations (2.11.1)
      diff-lcs (~> 1.1.3)
    rspec-mocks (2.11.1)
    sequel (3.33.0)
    sexpr (0.5.1)
    sqlite3 (1.3.5)
    stamina-core (0.5.4)
      quickl (~> 0.4.3)
    yargi (0.2.0)

PLATFORMS
  java
  ruby

DEPENDENCIES
  alf (~> 0.12.1)
  eventmachine (= 1.0.0.beta.3)
  gisele (~> 0.5.1)
  rake (~> 0.9.2)
  rspec (~> 2.11)
  sequel (~> 3.33)
  sqlite3 (~> 1.3)
  stamina-core (~> 0.5.4)
