GIT
  remote: git://github.com/blambeau/alf.git
  revision: 39dbd2943005460d65056b3e5d972ce29d7cd527
  specs:
    alf (0.12.0)
      backports (~> 2.3.0)
      myrrha (~> 1.2.1)
      quickl (~> 0.4.2)

GIT
  remote: git://github.com/blambeau/sexpr.git
  revision: fdb10ab8d8310452974a0269cf7c958acb6b9602
  specs:
    sexpr (0.5.0)

GEM
  remote: http://rubygems.org/
  specs:
    awesome_print (1.0.2)
    backports (2.3.0)
    citrus (2.4.1)
    diff-lcs (1.1.3)
    epath (0.0.1)
    gisele (0.5.0)
      awesome_print (~> 1.0)
      citrus (~> 2.4)
      epath (~> 0.0.1)
      quickl (~> 0.4.3)
      sexpr (~> 0.5.0)
      stamina-core (~> 0.5.3)
      yargi (~> 0.2.0)
    myrrha (1.2.2)
    quickl (0.4.3)
    rake (0.9.2.2)
    rspec (2.8.0)
      rspec-core (~> 2.8.0)
      rspec-expectations (~> 2.8.0)
      rspec-mocks (~> 2.8.0)
    rspec-core (2.8.0)
    rspec-expectations (2.8.0)
      diff-lcs (~> 1.1.2)
    rspec-mocks (2.8.0)
    stamina-core (0.5.3)
      quickl (~> 0.4.3)
    wlang (0.10.2)
    yargi (0.2.0)

PLATFORMS
  ruby

DEPENDENCIES
  alf!
  gisele (~> 0.5.0)
  rake (~> 0.9.2)
  rspec (~> 2.8)
  sexpr!
  wlang (~> 0.10.2)
